GEM
  remote: http://rubygems.org/
  specs:
    coderay (1.0.7)
    em-proxy (0.1.6)
      eventmachine
    eventmachine (1.0.0)
    nokogiri (1.5.5)
    rack (1.4.1)
    rack-protection (1.2.0)
      rack
    redis (3.0.1)
    sinatra (1.3.3)
      rack (~> 1.3, >= 1.3.6)
      rack-protection (~> 1.2)
      tilt (~> 1.3, >= 1.3.3)
    tilt (1.3.3)

PLATFORMS
  ruby

DEPENDENCIES
  coderay
  em-proxy
  nokogiri
  redis
  sinatra
